GEM
  remote: https://rubygems.org/
  specs:
    addressable (2.3.7)
    bson (1.12.0)
    bson_ext (1.12.0)
      bson (~> 1.12.0)
    buftok (0.2.0)
    equalizer (0.0.9)
    ethon (0.7.3)
      ffi (>= 1.3.0)
    faraday (0.9.1)
      multipart-post (>= 1.2, < 3)
    ffi (1.9.8)
    htmlentities (4.3.3)
    http (0.6.3)
      http_parser.rb (~> 0.6.0)
    http_parser.rb (0.6.0)
    iron_core (1.0.7)
      rest (>= 3.0.4)
    iron_worker_ng (1.6.3)
      bundler
      iron_core (>= 1.0.6)
      rubyzip (>= 1.0.0)
    json (1.8.2)
    memoizable (0.4.2)
      thread_safe (~> 0.3, >= 0.3.1)
    mongo (1.12.0)
      bson (= 1.12.0)
    multipart-post (2.0.0)
    naught (1.0.0)
    net-http-persistent (2.9.4)
    netrc (0.10.3)
    punkt-segmenter (0.9.1)
      unicode_utils (>= 1.0.0)
    rest (3.0.6)
      net-http-persistent (>= 2.9.1)
      netrc
    rubyzip (1.1.7)
    simple_oauth (0.3.1)
    thread_safe (0.3.5)
    twitter (5.14.0)
      addressable (~> 2.3)
      buftok (~> 0.2.0)
      equalizer (~> 0.0.9)
      faraday (~> 0.9.0)
      http (~> 0.6.0)
      http_parser.rb (~> 0.6.0)
      json (~> 1.8)
      memoizable (~> 0.4.0)
      naught (~> 1.0)
      simple_oauth (~> 0.3.0)
    typhoeus (0.7.1)
      ethon (>= 0.7.1)
    unicode_utils (1.4.0)

PLATFORMS
  ruby

DEPENDENCIES
  bson_ext
  htmlentities
  iron_worker_ng
  mongo
  punkt-segmenter
  twitter
  typhoeus

BUNDLED WITH
   1.10.3
