GEM
  remote: https://rubygems.org/
  specs:
    addressable (2.4.0)
    bson (1.12.5)
    bson_ext (1.12.5)
      bson (~> 1.12.5)
    buftok (0.2.0)
    domain_name (0.5.20160615)
      unf (>= 0.0.5, < 1.0.0)
    equalizer (0.0.10)
    ethon (0.9.0)
      ffi (>= 1.3.0)
    faraday (0.9.2)
      multipart-post (>= 1.2, < 3)
    ffi (1.9.10)
    htmlentities (4.3.4)
    http (1.0.4)
      addressable (~> 2.3)
      http-cookie (~> 1.0)
      http-form_data (~> 1.0.1)
      http_parser.rb (~> 0.6.0)
    http-cookie (1.0.2)
      domain_name (~> 0.5)
    http-form_data (1.0.1)
    http_parser.rb (0.6.0)
    iron_core (1.0.9)
      rest (>= 3.0.4)
    iron_worker_ng (1.6.9)
      bundler
      iron_core (>= 1.0.6)
      rubyzip (>= 1.0.0)
    json (1.8.3)
    memoizable (0.4.2)
      thread_safe (~> 0.3, >= 0.3.1)
    mongo (1.12.5)
      bson (= 1.12.5)
    multipart-post (2.0.0)
    naught (1.1.0)
    net-http-persistent (2.9.4)
    netrc (0.11.0)
    punkt-segmenter (0.9.1)
      unicode_utils (>= 1.0.0)
    rest (3.0.6)
      net-http-persistent (>= 2.9.1)
      netrc
    rubyzip (1.2.0)
    simple_oauth (0.3.1)
    thread_safe (0.3.5)
    twitter (5.16.0)
      addressable (~> 2.3)
      buftok (~> 0.2.0)
      equalizer (= 0.0.10)
      faraday (~> 0.9.0)
      http (~> 1.0)
      http_parser.rb (~> 0.6.0)
      json (~> 1.8)
      memoizable (~> 0.4.0)
      naught (~> 1.0)
      simple_oauth (~> 0.3.0)
    typhoeus (1.0.2)
      ethon (>= 0.9.0)
    unf (0.1.4)
      unf_ext
    unf_ext (0.0.7.2)
    unicode_utils (1.4.0)

PLATFORMS
  ruby

DEPENDENCIES
  bson_ext
  htmlentities
  iron_worker_ng
  mongo
  punkt-segmenter
  twitter
  typhoeus

BUNDLED WITH
   1.12.5
